GEM
  remote: https://rubygems.org/
  specs:
    dotenv (2.7.5)
    mustermann (1.0.3)
    newrelic_rpm (6.10.0.364)
    rack (2.2.3)
    rack-protection (2.0.7)
      rack
    ruby_http_client (3.3.0)
    sendgrid-ruby (6.0.0)
      ruby_http_client (~> 3.3.0)
    sinatra (2.0.7)
      mustermann (~> 1.0)
      rack (~> 2.0)
      rack-protection (= 2.0.7)
      tilt (~> 2.0)
    tilt (2.0.10)

PLATFORMS
  ruby

DEPENDENCIES
  dotenv
  newrelic_rpm
  sendgrid-ruby
  sinatra

BUNDLED WITH
   2.1.4
